##TITLE= Parameter file, TopSpin 3.8.0
##JCAMPDX= 5.0
##DATATYPE= Parameter Values
##NPOINTS= 1	$$ modification sequence number
##ORIGIN= Bruker BioSpin GmbH
##OWNER= nmrsu
$$ 2026-03-26 16:47:56.689 +0100  nmrsu@av600.intranet.nmr
$$ /opt/DATASETS/data/nmrsu/nmr/260324_Synu_t1t2ne/31/acqu3
$$ process /opt/topspin3.8.0/prog/au/bin/iexpno
##$ACQT0= 0
##$BF1= 600.13
##$FnILOOP= 0
##$FnMODE= 1
##$NUC1= <1H>
##$NusJSP= 0
##$NusT2= 1
##$NusTD= 0
##$O1= 2820.611
##$ProjAngle= 0
##$SFO1= 600.132820611
##$SW= 10.0138089073298
##$SW_h= 6009.61538461538
##$TD= 8
##END=
